GEM
  remote: https://rubygems.org/
  specs:
    ffi (1.1.5)
    growl (1.0.3)
    guard (1.3.2)
      listen (>= 0.4.2)
      thor (>= 0.14.6)
    guard-shell (0.5.1)
      guard (>= 1.1.0)
    libnotify (0.7.3)
    listen (0.5.0)
    rb-fsevent (0.9.1)
    rb-inotify (0.8.8)
      ffi (>= 0.5.0)
    thor (0.16.0)

PLATFORMS
  ruby

DEPENDENCIES
  growl
  guard-shell
  libnotify
  rb-fsevent
  rb-inotify
